GEM
  remote: https://rubygems.org/
  specs:
    actionmailer (3.2.14)
      actionpack (= 3.2.14)
      mail (~> 2.5.4)
    actionpack (3.2.14)
      activemodel (= 3.2.14)
      activesupport (= 3.2.14)
      builder (~> 3.0.0)
      erubis (~> 2.7.0)
      journey (~> 1.0.4)
      rack (~> 1.4.5)
      rack-cache (~> 1.2)
      rack-test (~> 0.6.1)
      sprockets (~> 2.2.1)
    activemodel (3.2.14)
      activesupport (= 3.2.14)
      builder (~> 3.0.0)
    activerecord (3.2.14)
      activemodel (= 3.2.14)
      activesupport (= 3.2.14)
      arel (~> 3.0.2)
      tzinfo (~> 0.3.29)
    activeresource (3.2.14)
      activemodel (= 3.2.14)
      activesupport (= 3.2.14)
    activesupport (3.2.14)
      i18n (~> 0.6, >= 0.6.4)
      multi_json (~> 1.0)
    acts-as-taggable-on (2.3.3)
      rails (~> 3.0)
    ansi (1.4.3)
    arel (3.0.2)
    atomic (1.1.12)
    bcrypt-ruby (3.1.1)
    bootstrap-will_paginate (0.0.9)
      will_paginate
    builder (3.0.4)
    cache_digests (0.3.1)
      actionpack (>= 3.2)
      thread_safe
    capistrano (2.15.5)
      highline
      net-scp (>= 1.0.0)
      net-sftp (>= 2.0.0)
      net-ssh (>= 2.0.14)
      net-ssh-gateway (>= 1.1.0)
    carrierwave (0.9.0)
      activemodel (>= 3.2.0)
      activesupport (>= 3.2.0)
      json (>= 1.7)
    closure_tree (4.2.7)
      activerecord (>= 3.0.0)
      with_advisory_lock (>= 0.0.9)
    coffee-rails (3.2.2)
      coffee-script (>= 2.2.0)
      railties (~> 3.2.0)
    coffee-script (2.2.0)
      coffee-script-source
      execjs
    coffee-script-source (1.6.3)
    commonjs (0.2.6)
    devise (3.0.1)
      bcrypt-ruby (~> 3.0)
      orm_adapter (~> 0.1)
      railties (>= 3.2.6, < 5)
      warden (~> 1.2.3)
    erubis (2.7.0)
    exception_notification (4.0.0)
      actionmailer (>= 3.0.4)
      activesupport (>= 3.0.4)
    execjs (1.4.0)
      multi_json (~> 1.0)
    hashr (0.0.22)
    highline (1.6.19)
    hike (1.2.3)
    i18n (0.6.4)
    journey (1.0.4)
    jqtree-rails (0.1.5.0)
      railties (>= 3.2.0, < 5.0)
      thor (~> 0.14)
    jquery-rails (3.0.4)
      railties (>= 3.0, < 5.0)
      thor (>= 0.14, < 2.0)
    json (1.8.0)
    less (2.3.2)
      commonjs (~> 0.2.6)
    less-rails (2.3.3)
      actionpack (>= 3.1)
      less (~> 2.3.1)
    libv8 (3.11.8.17)
    libxml-ruby (2.6.0)
    mail (2.5.4)
      mime-types (~> 1.16)
      treetop (~> 1.4.8)
    memcache-client (1.8.5)
    mime-types (1.23)
    mini_magick (3.6.0)
      subexec (~> 0.2.1)
    mini_portile (0.5.1)
    multi_json (1.7.8)
    mysql2 (0.3.13)
    net-scp (1.1.2)
      net-ssh (>= 2.6.5)
    net-sftp (2.1.2)
      net-ssh (>= 2.6.5)
    net-ssh (2.6.8)
    net-ssh-gateway (1.2.0)
      net-ssh (>= 2.6.5)
    nokogiri (1.6.0)
      mini_portile (~> 0.5.0)
    orm_adapter (0.4.0)
    plupload-rails (1.0.6)
      rails (~> 3.1)
    polyglot (0.3.3)
    rack (1.4.5)
    rack-cache (1.2)
      rack (>= 0.4)
    rack-ssl (1.3.3)
      rack
    rack-test (0.6.2)
      rack (>= 1.0)
    rails (3.2.14)
      actionmailer (= 3.2.14)
      actionpack (= 3.2.14)
      activerecord (= 3.2.14)
      activeresource (= 3.2.14)
      activesupport (= 3.2.14)
      bundler (~> 1.0)
      railties (= 3.2.14)
    railties (3.2.14)
      actionpack (= 3.2.14)
      activesupport (= 3.2.14)
      rack-ssl (~> 1.3.2)
      rake (>= 0.8.7)
      rdoc (~> 3.4)
      thor (>= 0.14.6, < 2.0)
    rake (10.1.0)
    ratom (0.8.2)
      libxml-ruby (~> 2.6.0)
    rdoc (3.12.2)
      json (~> 1.4)
    ref (1.0.5)
    rest-client (1.6.7)
      mime-types (>= 1.16)
    rqrcode (0.4.2)
    rqrcode-rails3 (0.1.6)
      rqrcode (>= 0.4.2)
    ruby-epub (0.2.8)
      nokogiri
      rubyzip
    rubyzip (0.9.9)
    sanitize (2.0.6)
      nokogiri (>= 1.4.4)
    sass (3.2.10)
    sass-rails (3.2.6)
      railties (~> 3.2.0)
      sass (>= 3.1.10)
      tilt (~> 1.3)
    sprockets (2.2.2)
      hike (~> 1.2)
      multi_json (~> 1.0)
      rack (~> 1.0)
      tilt (~> 1.1, != 1.3.0)
    sqlite3 (1.3.7)
    subexec (0.2.3)
    therubyracer (0.11.4)
      libv8 (~> 3.11.8.12)
      ref
    thor (0.18.1)
    thread_safe (0.1.2)
      atomic
    tilt (1.4.1)
    tire (0.6.0)
      activemodel (>= 3.0)
      activesupport
      ansi
      hashr (~> 0.0.19)
      multi_json (~> 1.3)
      rake
      rest-client (~> 1.6)
    tire-contrib (0.1.3)
      tire
    treetop (1.4.14)
      polyglot
      polyglot (>= 0.3.1)
    twitter-bootstrap-rails (2.2.7)
      actionpack (>= 3.1)
      execjs
      rails (>= 3.1)
      railties (>= 3.1)
    tzinfo (0.3.37)
    uglifier (2.1.2)
      execjs (>= 0.3.0)
      multi_json (~> 1.0, >= 1.0.2)
    uuidtools (2.1.4)
    warden (1.2.3)
      rack (>= 1.0)
    will_paginate (3.0.4)
    with_advisory_lock (0.0.10)
      activerecord (>= 3.0.0)

PLATFORMS
  ruby

DEPENDENCIES
  acts-as-taggable-on (~> 2.3.1)
  bootstrap-will_paginate
  cache_digests
  capistrano
  carrierwave
  closure_tree
  coffee-rails (~> 3.2.1)
  devise
  exception_notification
  jqtree-rails
  jquery-rails
  less-rails
  memcache-client
  mime-types
  mini_magick
  mysql2
  plupload-rails
  rails (= 3.2.14)
  ratom
  rqrcode-rails3
  ruby-epub (~> 0.2.1)
  sanitize
  sass-rails (~> 3.2.3)
  sqlite3
  therubyracer
  tire
  tire-contrib
  twitter-bootstrap-rails
  uglifier (>= 1.0.3)
  uuidtools
  will_paginate
